GEM
  remote: http://rubygems.org/
  specs:
    commander (4.4.4)
      highline (~> 1.7.2)
    highline (1.7.10)

PLATFORMS
  ruby

DEPENDENCIES
  commander

BUNDLED WITH
   1.16.1
