GIT
  remote: https://github.com/alces-software/commander
  revision: 71bcf5dd108e7d608da1915dce108893297c1e68
  specs:
    commander (4.4.3.pre.alces0)
      highline (~> 1.7.2)

GEM
  remote: http://rubygems.org/
  specs:
    highline (1.7.10)
    terminal-table (1.8.0)
      unicode-display_width (~> 1.1, >= 1.1.1)
    unicode-display_width (1.3.0)

PLATFORMS
  ruby

DEPENDENCIES
  commander!
  terminal-table

BUNDLED WITH
   1.16.1
