GIT
  remote: https://github.com/alces-software/commander
  revision: cd637ecd5c590b18daa9f044fd5c771c34699245
  specs:
    commander (4.4.4.pre.alces0)
      highline (~> 1.7.2)

GEM
  remote: http://rubygems.org/
  specs:
    highline (1.7.10)
    terminal-table (1.8.0)
      unicode-display_width (~> 1.1, >= 1.1.1)
    unicode-display_width (1.3.0)

PLATFORMS
  ruby

DEPENDENCIES
  commander!
  terminal-table

BUNDLED WITH
   1.16.1
